GIT
  remote: https://github.com/brentsimmons/wildcat.git
  revision: 857b7b43431b1abe0d2ec457e163d13f23ec674d
  specs:
    wildcat (0.0.1)
      kramdown
      stringex

GEM
  remote: https://rubygems.org/
  specs:
    kramdown (2.4.0)
      rexml
    rexml (3.3.9)
    stringex (2.8.5)

PLATFORMS
  x86_64-linux

DEPENDENCIES
  wildcat!

BUNDLED WITH
   2.3.26
